PATH
  remote: .
  specs:
    smsbd (0.0.1)

GEM
  remote: https://rubygems.org/
  specs:
    rake (13.2.1)

PLATFORMS
  ruby
  x86_64-darwin-23

DEPENDENCIES
  rake (~> 13.0)
  smsbd!

BUNDLED WITH
   2.5.9
